GIT
  remote: https://github.com/joshk/jemalloc-rb
  revision: 870facda6891ffd9a0b44195b45c485192413742
  ref: 870facd
  specs:
    jemalloc (1.0.1)

GIT
  remote: https://github.com/travis-ci/travis-config
  revision: 0c5b76989c5da2b842e8ef02eb3082df09abe6c2
  specs:
    travis-config (1.1.2)
      hashr (~> 2.0)

GIT
  remote: https://github.com/travis-ci/travis-logger
  revision: 8fab3fbcf25def6bf41fa4e2332cd7bf413590fa
  specs:
    travis-logger (0.0.1)

GIT
  remote: https://github.com/travis-ci/travis-metrics
  revision: 6dcec59b4e85ef8a0dc10ca07c3a0b39157e9bca
  ref: sf-unfork
  specs:
    travis-metrics (2.0.0)
      metriks-librato_metrics (~> 1.0)

GEM
  remote: https://rubygems.org/
  specs:
    activemodel (5.2.4.5)
      activesupport (= 5.2.4.5)
    activerecord (5.2.4.5)
      activemodel (= 5.2.4.5)
      activesupport (= 5.2.4.5)
      arel (>= 9.0)
    activesupport (5.2.4.5)
      concurrent-ruby (~> 1.0, >= 1.0.2)
      i18n (>= 0.7, < 2)
      minitest (~> 5.1)
      tzinfo (~> 1.1)
    arel (9.0.0)
    atomic (1.1.101)
    avl_tree (1.2.1)
      atomic (~> 1.1)
    cl (1.2.1)
      regstry (~> 1.0.3)
    concurrent-ruby (1.1.8)
    connection_pool (2.2.2)
    database_cleaner (1.7.0)
    diff-lcs (1.3)
    factory_bot (5.1.1)
      activesupport (>= 4.2.0)
    faraday (0.17.3)
      multipart-post (>= 1.2, < 3)
    faraday_middleware (0.14.0)
      faraday (>= 0.7.4, < 1.0)
    hashr (2.0.1)
    hitimes (1.3.1)
    i18n (1.8.9)
      concurrent-ruby (~> 1.0)
    metriks (0.9.9.8)
      atomic (~> 1.0)
      avl_tree (~> 1.2.0)
      hitimes (~> 1.1)
    metriks-librato_metrics (1.0.6)
      metriks (>= 0.9.9.6)
    minitest (5.14.4)
    multipart-post (2.1.1)
    pg (1.2.2)
    rack (2.1.1)
    rack-protection (2.0.8.1)
      rack
    redis (4.1.3)
    redis-namespace (1.7.0)
      redis (>= 3.0.4)
    regstry (1.0.15)
    rspec (3.9.0)
      rspec-core (~> 3.9.0)
      rspec-expectations (~> 3.9.0)
      rspec-mocks (~> 3.9.0)
    rspec-core (3.9.1)
      rspec-support (~> 3.9.1)
    rspec-expectations (3.9.0)
      diff-lcs (>= 1.2.0, < 2.0)
      rspec-support (~> 3.9.0)
    rspec-mocks (3.9.1)
      diff-lcs (>= 1.2.0, < 2.0)
      rspec-support (~> 3.9.0)
    rspec-support (3.9.2)
    sidekiq (5.2.7)
      connection_pool (~> 2.2, >= 2.2.2)
      rack (>= 1.5.0)
      rack-protection (>= 1.5.0)
      redis (>= 3.3.5, < 5)
    thread_safe (0.3.6)
    travis-encrypt (0.0.5)
    tzinfo (1.2.9)
      thread_safe (~> 0.1)
    vcr (5.0.0)

PLATFORMS
  ruby

DEPENDENCIES
  activerecord
  cl
  database_cleaner
  factory_bot
  faraday
  faraday_middleware
  jemalloc!
  pg
  redis
  redis-namespace
  rspec
  sidekiq
  travis-config!
  travis-encrypt
  travis-logger!
  travis-metrics!
  vcr

BUNDLED WITH
   2.0.2
